PATH
  remote: .
  specs:
    search_magic (0.3.1)
      chronic
      mongoid (~> 3.0.0)

GEM
  remote: http://rubygems.org/
  specs:
    activemodel (3.2.6)
      activesupport (= 3.2.6)
      builder (~> 3.0.0)
    activesupport (3.2.6)
      i18n (~> 0.6)
      multi_json (~> 1.0)
    builder (3.0.0)
    chronic (0.6.7)
    database_cleaner (0.8.0)
    diff-lcs (1.1.3)
    fabrication (1.2.0)
    i18n (0.6.0)
    mongoid (3.0.1)
      activemodel (~> 3.1)
      moped (~> 1.1.1)
      origin (~> 1.0.3)
      tzinfo (~> 0.3.22)
    moped (1.1.2)
    multi_json (1.3.6)
    origin (1.0.4)
    rspec (2.11.0)
      rspec-core (~> 2.11.0)
      rspec-expectations (~> 2.11.0)
      rspec-mocks (~> 2.11.0)
    rspec-core (2.11.1)
    rspec-expectations (2.11.1)
      diff-lcs (~> 1.1.3)
    rspec-mocks (2.11.1)
    tzinfo (0.3.33)

PLATFORMS
  ruby

DEPENDENCIES
  database_cleaner
  fabrication
  rspec
  search_magic!
